GEM
  remote: https://rubygems.org/
  specs:
    ZenTest (4.11.1)
    autotest (4.4.6)
      ZenTest (>= 4.4.1)
    byebug (9.1.0)
    diff-lcs (1.3)
    rspec (3.6.0)
      rspec-core (~> 3.6.0)
      rspec-expectations (~> 3.6.0)
      rspec-mocks (~> 3.6.0)
    rspec-autotest (1.0.0)
      rspec-core (>= 2.99.0.beta1, < 4.0.0)
    rspec-core (3.6.0)
      rspec-support (~> 3.6.0)
    rspec-expectations (3.6.0)
      diff-lcs (>= 1.2.0, < 2.0)
      rspec-support (~> 3.6.0)
    rspec-mocks (3.6.0)
      diff-lcs (>= 1.2.0, < 2.0)
      rspec-support (~> 3.6.0)
    rspec-support (3.6.0)

PLATFORMS
  ruby

DEPENDENCIES
  autotest
  byebug
  rspec
  rspec-autotest

RUBY VERSION
   ruby 2.4.0p0

BUNDLED WITH
   1.15.4
